GEM
  remote: http://rubygems.org/
  specs:
    activesupport (3.0.9)
    casperreports (0.1.0)
    crack (0.1.8)
    diff-lcs (1.1.2)
    haml (3.1.2)
    json (1.5.3-java)
    rack (1.3.0)
    rack-test (0.6.0)
      rack (>= 1.0)
    rspec (2.6.0)
      rspec-core (~> 2.6.0)
      rspec-expectations (~> 2.6.0)
      rspec-mocks (~> 2.6.0)
    rspec-core (2.6.4)
    rspec-expectations (2.6.0)
      diff-lcs (~> 1.1.2)
    rspec-mocks (2.6.0)
    sinatra (1.2.6)
      rack (~> 1.1)
      tilt (>= 1.2.2, < 2.0)
    tilt (1.3.2)

PLATFORMS
  java

DEPENDENCIES
  activesupport (~> 3.0.7)
  casperreports (~> 0.1.0)
  crack
  haml
  json
  rack-test
  rspec
  sinatra
